NUGET
  remote: https://nuget.org/api/v2
  specs:
    AWSSDK (2.3.34.0)
      Microsoft.Net.Http (>= 2.1.10) - framework: wpv8.0
    FAKE (3.30.2)
    FSharp.Compiler.Service (0.0.89)
    FSharp.Formatting (2.8.0)
      FSharp.Compiler.Service (>= 0.0.86)
      FSharpVSPowerTools.Core (>= 1.7.0)
    FSharpVSPowerTools.Core (1.7.0)
      FSharp.Compiler.Service (>= 0.0.81)
    Microsoft.Bcl (1.1.10)
      Microsoft.Bcl.Build (>= 1.0.14)
    Microsoft.Bcl.Build (1.0.21)
    Microsoft.Net.Http (2.2.29) - framework: wpv8.0
      Microsoft.Bcl (>= 1.1.10)
      Microsoft.Bcl.Build (>= 1.0.14)
    Octokit (0.10.0)
      Microsoft.Net.Http
    SharpZipLib (0.86.0)
    SourceLink.Fake (0.5.0)
GITHUB
  remote: fsharp/FAKE
  specs:
    modules/Octokit/Octokit.fsx (aeca22431512eabfbe2f4b0f3dcfd2790f0aaf1d)
      Octokit