GIT
  remote: git://github.com/nathanaeljones/hardwired.git
  revision: a20c3c9dc9289d6a90dc611d2fc692118e794c8b
  branch: develop
  specs:
    hardwired (0.4)
      erubis
      nokogiri
      sinatra (>= 1.3.3)
      tilt (>= 2.0.1)

PATH
  remote: /Users/mjc/src/doc_collector
  specs:
    doc_collector (0.0.1)
      erubis
      github-markdown (~> 0.6.8)
      hardwired
      nokogiri
      rake
      rugged

GEM
  remote: https://rubygems.org/
  specs:
    erubis (2.7.0)
    github-markdown (0.6.9)
    hub (1.12.4)
    mini_portile2 (2.1.0)
    mustermann (1.0.0)
    nokogiri (1.7.2)
      mini_portile2 (~> 2.1.0)
    rack (2.0.3)
    rack-protection (2.0.0)
      rack
    rake (12.0.0)
    rugged (0.25.1.1)
    sinatra (2.0.0)
      mustermann (~> 1.0)
      rack (~> 2.0)
      rack-protection (= 2.0.0)
      tilt (~> 2.0)
    tilt (2.0.7)

PLATFORMS
  ruby

DEPENDENCIES
  doc_collector!
  hardwired!
  hub
  rake (~> 12.0)

BUNDLED WITH
   1.14.6
